GEM
  remote: http://rubygems.org/
  specs:
    chronic (0.8.0)
    geocoder (1.1.5)
    haml (3.1.7)
    rack (1.4.1)
    rack-protection (1.2.0)
      rack
    sinatra (1.3.3)
      rack (~> 1.3, >= 1.3.6)
      rack-protection (~> 1.2)
      tilt (~> 1.3, >= 1.3.3)
    tilt (1.3.3)

PLATFORMS
  ruby

DEPENDENCIES
  chronic
  geocoder
  haml
  sinatra
